GEM
  specs:
    coderay (1.1.1)
    dates_from_string (1.0.0)
    fileutils (0.7)
      rmagick (>= 2.13.1)
    method_source (0.8.2)
    pry (0.10.3)
      coderay (~> 1.1.0)
      method_source (~> 0.8.1)
      slop (~> 3.4)
    rmagick (2.15.4)
    slop (3.6.0)

PLATFORMS
  ruby

DEPENDENCIES
  dates_from_string
  fileutils
  pry

BUNDLED WITH
   1.12.5
